GEM
  remote: https://rubygems.org/
  specs:
    coderay (1.1.3)
    json (2.5.1)
    macaddr (1.7.2)
      systemu (~> 2.6.5)
    method_source (1.0.0)
    pry (0.13.1)
      coderay (~> 1.1)
      method_source (~> 1.0)
    require_all (3.0.0)
    sqlite3 (1.4.2)
    systemu (2.6.5)
    uuid (2.3.9)
      macaddr (~> 1.0)

PLATFORMS
  ruby

DEPENDENCIES
  json
  pry
  require_all
  sqlite3
  uuid (~> 2.3, >= 2.3.8)

BUNDLED WITH
   2.1.4
